GEM
  remote: https://rubygems.org/
  specs:
    coderay (1.1.3)
    dotenv (2.7.6)
    method_source (1.0.0)
    pry (0.14.1)
      coderay (~> 1.1)
      method_source (~> 1.0)

PLATFORMS
  ruby
  x86_64-darwin-20

DEPENDENCIES
  dotenv
  pry

RUBY VERSION
   ruby 2.7.1p83

BUNDLED WITH
   2.2.23
